GEM
  remote: https://rubygems.org/
  specs:
    md2review (1.1.0)
      redcarpet (> 2.0.0)
    redcarpet (3.1.2)
    review (1.3.0)

PLATFORMS
  ruby

DEPENDENCIES
  md2review
  review
