GIT
  remote: https://github.com/masarakki/review.git
  revision: 67e521cd75a3b60afb63edba01d9952b92adc0b2
  branch: c86
  specs:
    review (1.3.0)

GEM
  remote: https://rubygems.org/
  specs:
    coderay (1.1.0)
    md2review (1.2.0)
      redcarpet (> 2.0.0)
    method_source (0.8.2)
    pry (0.10.0)
      coderay (~> 1.1.0)
      method_source (~> 0.8.1)
      slop (~> 3.4)
    redcarpet (3.6.0)
    slop (3.6.0)

PLATFORMS
  ruby

DEPENDENCIES
  md2review
  pry
  review!
